{
  "Modality": "MR",
  "InstitutionName": "NIH_CC",
  "InstitutionalDepartmentName": "MR4ACHIEVA30",
  "StudyDescription": "MRI Brain",
  "Manufacturer": "Philips Medical Systems",
  "ManufacturerModelName": "Achieva",
  "StationName": "PHILIPS-396B1AA",
  "DeviceSerialNumber": "17461",
  "ReceiveCoilName": "SENSE-Head-8",
  "TransmitCoilNamee": "S",
  "MagneticFieldStrength": 3,
  "SoftwareVersion": "3.2.1\\3.2.1.1",
  "SeriesDescription": "3D T1 TFE SAG SENSE",
  "ProtocolName": "WIP 3D T1 TFE SAG SENSE",
  "ImageType": "ORIGINAL\\SECONDARY\\M_FFE\\M\\FFE",
  "ScanningSequence": "GR",
  "SequenceVariant": "MP",
  "ScanOptions": "OTHER",
  "SequenceName": "",
  "SliceThickness": 1,
  "EchoTime": 3.821,
  "RepetitionTime": 8.22679996490478,
  "FlipAngle": 8,
  "ReconstructionDiameter": 240,
  "PercentPhaseFieldOfView": 100
}
