{
  "Modality": "MR",
  "InstitutionName": "NIH Clinical Center",
  "InstitutionalDepartmentName": "Radiology MR6",
  "StudyDescription": "MRI Brain",
  "Manufacturer": "SIEMENS",
  "ManufacturerModelName": "Biograph_mMR",
  "StationName": "MR6_mMR3T",
  "DeviceSerialNumber": "51007",
  "TransmitCoilNamee": "Body",
  "MagneticFieldStrength": 3,
  "SoftwareVersion": "syngo MR B18P",
  "SeriesDescription": "T1 SAG MPRAGE",
  "ProtocolName": "T1 SAG MPRAGE",
  "ImageType": "ORIGINAL\\SECONDARY\\M\\ND\\NORM",
  "ScanningSequence": "GR\\IR",
  "SequenceVariant": "SP\\MP",
  "ScanOptions": "IR",
  "SequenceName": "*tfl3d1_ns",
  "SliceThickness": 1,
  "EchoTime": 2.49,
  "RepetitionTime": 1900,
  "FlipAngle": 9,
  "PercentPhaseFieldOfView": 100
}
