{
  "Modality": "MR",
  "InstitutionName": "NIH Clinical Center",
  "InstitutionalDepartmentName": "Radiology MR3",
  "StudyDescription": "MRI Brain",
  "Manufacturer": "Philips Medical Systems",
  "ManufacturerModelName": "Achieva",
  "StationName": "PHILIPS-678BF80",
  "DeviceSerialNumber": "21639",
  "ReceiveCoilName": "SENSE-Head-8",
  "TransmitCoilNamee": "B",
  "MagneticFieldStrength": 1.5,
  "SoftwareVersion": "2.6.3\\2.6.3.2",
  "SeriesDescription": "T1 3D SAG",
  "ProtocolName": "T1 3D SAG CLEAR",
  "ImageType": "ORIGINAL\\SECONDARY\\M_FFE\\M\\FFE",
  "ScanningSequence": "GR",
  "SequenceVariant": "SP",
  "ScanOptions": "OTHER",
  "SequenceName": "",
  "SliceThickness": 1,
  "EchoTime": 3.10240006446838,
  "RepetitionTime": 6.76030015945434,
  "FlipAngle": 15,
  "ReconstructionDiameter": 240,
  "PercentPhaseFieldOfView": 100
}
