{
  "Modality": "MR",
  "InstitutionName": "NIH Clinical Center",
  "InstitutionalDepartmentName": "Radiology MR2",
  "StudyDescription": "MRI Brain",
  "Manufacturer": "Philips Medical Systems",
  "ManufacturerModelName": "Achieva",
  "StationName": "PHILIPS-377266B",
  "DeviceSerialNumber": "17384",
  "ReceiveCoilName": "SENSE-Head-8",
  "TransmitCoilNamee": "B",
  "MagneticFieldStrength": 3,
  "SoftwareVersion": "2.6.3\\2.6.3.4",
  "SeriesDescription": "3D T1 TFE SAG SENSE",
  "ProtocolName": "3D T1 TFE SAG SENSE",
  "ImageType": "ORIGINAL\\SECONDARY\\M_FFE\\M\\FFE",
  "ScanningSequence": "GR",
  "SequenceVariant": "MP",
  "ScanOptions": "OTHER",
  "SequenceName": "",
  "SliceThickness": 1,
  "EchoTime": 3.697,
  "RepetitionTime": 8.08489990234375,
  "FlipAngle": 8,
  "ReconstructionDiameter": 240,
  "PercentPhaseFieldOfView": 100
}
