{
  "Modality": "MR",
  "InstitutionName": "NIH Clinical Center",
  "InstitutionalDepartmentName": "Radiology MR4",
  "StudyDescription": "MRI Brain",
  "Manufacturer": "Philips Medical Systems",
  "ManufacturerModelName": "Achieva",
  "StationName": "PHILIPS-4E608FF",
  "DeviceSerialNumber": "17461",
  "ReceiveCoilName": "SENSE-Head-8",
  "TransmitCoilNamee": "S",
  "MagneticFieldStrength": 3,
  "SoftwareVersion": "3.2.2\\3.2.2.0",
  "SeriesDescription": "3D T1 TFE SAG 1",
  "ProtocolName": "WIP 3D T1 TFE SAG 1 SENSE",
  "ImageType": "ORIGINAL\\SECONDARY\\M_FFE\\M\\FFE",
  "ScanningSequence": "GR",
  "SequenceVariant": "MP",
  "ScanOptions": "OTHER",
  "SequenceName": "",
  "SliceThickness": 1,
  "EchoTime": 3.695,
  "RepetitionTime": 8.08590030670166,
  "FlipAngle": 8,
  "ReconstructionDiameter": 240,
  "PercentPhaseFieldOfView": 100
}
